PATH
  remote: .
  specs:
    gitmodel (0.0.8)
      activemodel (~> 4.1.1)
      activesupport (~> 4.1.1)
      dalli
      grit (>= 2.3.0)
      lockfile (~> 2.1.3)
      rake
      yajl-ruby (~> 1.2.0)

GEM
  remote: http://rubygems.org/
  specs:
    ZenTest (4.10.0)
    activemodel (4.1.1)
      activesupport (= 4.1.1)
      builder (~> 3.1)
    activesupport (4.1.1)
      i18n (~> 0.6, >= 0.6.9)
      json (~> 1.7, >= 1.7.7)
      minitest (~> 5.1)
      thread_safe (~> 0.1)
      tzinfo (~> 1.1)
    autotest (4.4.6)
      ZenTest (>= 4.4.1)
    builder (3.2.2)
    coderay (1.0.9)
    dalli (2.7.2)
    diff-lcs (1.2.5)
    grit (2.5.0)
      diff-lcs (~> 1.1)
      mime-types (~> 1.15)
      posix-spawn (~> 0.3.6)
    i18n (0.6.9)
    json (1.8.1)
    lockfile (2.1.3)
    method_source (0.8.2)
    mime-types (1.25.1)
    minitest (5.3.4)
    posix-spawn (0.3.8)
    pry (0.9.12.2)
      coderay (~> 1.0.5)
      method_source (~> 0.8)
      slop (~> 3.4)
    rake (10.3.2)
    rspec (2.14.1)
      rspec-core (~> 2.14.0)
      rspec-expectations (~> 2.14.0)
      rspec-mocks (~> 2.14.0)
    rspec-core (2.14.8)
    rspec-expectations (2.14.5)
      diff-lcs (>= 1.1.3, < 2.0)
    rspec-mocks (2.14.6)
    slop (3.4.6)
    thread_safe (0.3.3)
    tzinfo (1.1.0)
      thread_safe (~> 0.1)
    yajl-ruby (1.2.0)

PLATFORMS
  ruby

DEPENDENCIES
  ZenTest (~> 4.10.0)
  autotest (>= 4.4.1)
  gitmodel!
  pry
  rspec (~> 2.14.1)
